GEM
  remote: http://rubygems.org/
  specs:
    nokogiri (1.5.9)

PLATFORMS
  ruby

DEPENDENCIES
  nokogiri (~> 1.5.5)
